GEM
  remote: https://rubygems.org/
  specs:
    filewatcher (0.5.3)
      trollop (~> 2.0)
    trollop (2.1.2)

PLATFORMS
  ruby

DEPENDENCIES
  filewatcher

BUNDLED WITH
   1.12.5
